GIT
  remote: git://github.com/jnicklas/capybara.git
  revision: 97af9bd1c66fe54d1cb8c65b88518f1695331f5a
  ref: 97af9bd1c66fe54d1cb8c65b88518f1695331f5a
  specs:
    capybara (0.4.1.1)
      mime-types (>= 1.16)
      nokogiri (>= 1.3.3)
      rack (>= 1.0.0)
      rack-test (>= 0.5.4)
      selenium-webdriver (>= 0.0.27)
      xpath (~> 0.1.3)

GIT
  remote: git://github.com/sferik/rails_admin.git
  revision: 73369c6af2a86c34a1b0e7fb4c6b3a2142f44260
  specs:
    rails_admin (0.0.1)
      builder (~> 2.1.0)
      rails (~> 3.0.6)

GEM
  remote: http://rubygems.org/
  specs:
    POpen4 (0.1.4)
      Platform (>= 0.4.0)
      open4
    Platform (0.4.0)
    ZenTest (4.5.0)
    abstract (1.0.0)
    actionmailer (3.0.7)
      actionpack (= 3.0.7)
      mail (~> 2.2.15)
    actionpack (3.0.7)
      activemodel (= 3.0.7)
      activesupport (= 3.0.7)
      builder (~> 2.1.2)
      erubis (~> 2.6.6)
      i18n (~> 0.5.0)
      rack (~> 1.2.1)
      rack-mount (~> 0.6.14)
      rack-test (~> 0.5.7)
      tzinfo (~> 0.3.23)
    activemodel (3.0.7)
      activesupport (= 3.0.7)
      builder (~> 2.1.2)
      i18n (~> 0.5.0)
    activerecord (3.0.7)
      activemodel (= 3.0.7)
      activesupport (= 3.0.7)
      arel (~> 2.0.2)
      tzinfo (~> 0.3.23)
    activeresource (3.0.7)
      activemodel (= 3.0.7)
      activesupport (= 3.0.7)
    activesupport (3.0.7)
    addressable (2.2.5)
    archive-tar-minitar (0.5.2)
    arel (2.0.9)
    autotest (4.4.6)
      ZenTest (>= 4.4.1)
    autotest-rails (4.1.0)
      ZenTest
    bcrypt-ruby (2.1.4)
    bcrypt-ruby (2.1.4-x86-mingw32)
    builder (2.1.2)
    childprocess (0.1.8)
      ffi (~> 1.0.6)
    closure-compiler (1.1.1)
    columnize (0.3.2)
    configuration (1.2.0)
    daemons (1.0.10)
    database_cleaner (0.6.7)
    devise (1.3.3)
      bcrypt-ruby (~> 2.1.2)
      orm_adapter (~> 0.0.3)
      warden (~> 1.0.3)
    diff-lcs (1.1.2)
    erubis (2.6.6)
      abstract (>= 1.0.0)
    factory_girl (1.3.3)
    factory_girl_rails (1.0.1)
      factory_girl (~> 1.3)
      railties (>= 3.0.0)
    faraday (0.6.1)
      addressable (~> 2.2.4)
      multipart-post (~> 1.1.0)
      rack (< 2, >= 1.1.0)
    ffi (1.0.7)
      rake (>= 0.8.7)
    ffi (1.0.7-x86-mingw32)
      rake (>= 0.8.7)
    gem_plugin (0.2.3)
    hoptoad_notifier (2.4.9)
      activesupport
      builder
    httpadapter (1.0.0)
      addressable (~> 2.2.0)
    i18n (0.5.0)
    jammit (0.6.0)
      closure-compiler (>= 0.1.0)
      yui-compressor (>= 0.9.1)
    json (1.5.1)
    json_pure (1.5.1)
    launchy (0.4.0)
      configuration (>= 0.0.5)
      rake (>= 0.8.1)
    linecache19 (0.5.12)
      ruby_core_source (>= 0.1.4)
    mail (2.2.19)
      activesupport (>= 2.3.6)
      i18n (>= 0.4.0)
      mime-types (~> 1.16)
      treetop (~> 1.4.8)
    memcache-client (1.8.5)
    meta_where (1.0.4)
      activerecord (~> 3.0.0)
      activesupport (~> 3.0.0)
      arel (~> 2.0.7)
    mime-types (1.16)
    mongrel (1.2.0.pre2)
      daemons (~> 1.0.10)
      gem_plugin (~> 0.2.3)
    mongrel (1.2.0.pre2-x86-mingw32)
      gem_plugin (~> 0.2.3)
    multi_json (0.0.5)
    multipart-post (1.1.0)
    net-ldap (0.1.1)
    newrelic_rpm (2.14.1)
    nifty-generators (0.4.6)
    nokogiri (1.4.4)
    nokogiri (1.4.4-x86-mingw32)
    oa-basic (0.2.3)
      multi_json (~> 0.0.2)
      nokogiri (~> 1.4.2)
      oa-core (= 0.2.3)
      rest-client (~> 1.6.0)
    oa-core (0.2.3)
      rack (~> 1.1)
    oa-enterprise (0.2.3)
      net-ldap (~> 0.1.1)
      nokogiri (~> 1.4.2)
      oa-core (= 0.2.3)
      pyu-ruby-sasl (~> 0.0.3.1)
      rubyntlm (~> 0.1.1)
    oa-more (0.2.3)
      multi_json (~> 0.0.2)
      oa-core (= 0.2.3)
      rest-client (~> 1.6.0)
    oa-oauth (0.2.3)
      faraday (~> 0.6.1)
      multi_json (>= 0.0.5)
      nokogiri (~> 1.4.2)
      oa-core (= 0.2.3)
      oauth (~> 0.4.0)
      oauth2 (~> 0.3.0)
    oa-openid (0.2.3)
      oa-core (= 0.2.3)
      rack-openid (~> 1.2.0)
      ruby-openid-apps-discovery
    oauth (0.4.4)
    oauth2 (0.3.0)
      faraday (~> 0.6.0)
      multi_json (~> 0.0.4)
    omniauth (0.2.3)
      oa-basic (= 0.2.3)
      oa-core (= 0.2.3)
      oa-enterprise (= 0.2.3)
      oa-more (= 0.2.3)
      oa-oauth (= 0.2.3)
      oa-openid (= 0.2.3)
    open4 (1.0.1)
    orm_adapter (0.0.4)
    pdfkit (0.5.0)
    polyglot (0.3.1)
    pyu-ruby-sasl (0.0.3.2)
    rack (1.2.1)
    rack-mount (0.6.14)
      rack (>= 1.0.0)
    rack-openid (1.2.0)
      rack (>= 1.1.0)
      ruby-openid (>= 2.1.8)
    rack-rewrite (1.0.2)
    rack-test (0.5.7)
      rack (>= 1.0)
    rails (3.0.7)
      actionmailer (= 3.0.7)
      actionpack (= 3.0.7)
      activerecord (= 3.0.7)
      activeresource (= 3.0.7)
      activesupport (= 3.0.7)
      bundler (~> 1.0)
      railties (= 3.0.7)
    rails-footnotes (3.7.1)
      rails (>= 3.0.0)
    railties (3.0.7)
      actionpack (= 3.0.7)
      activesupport (= 3.0.7)
      rake (>= 0.8.7)
      thor (~> 0.14.4)
    rake (0.8.7)
    recaptcha (0.3.1)
    rest-client (1.6.1)
      mime-types (>= 1.16)
    rmagick (2.13.1)
    rspec (2.5.0)
      rspec-core (~> 2.5.0)
      rspec-expectations (~> 2.5.0)
      rspec-mocks (~> 2.5.0)
    rspec-core (2.5.1)
    rspec-expectations (2.5.0)
      diff-lcs (~> 1.1.2)
    rspec-mocks (2.5.0)
    rspec-rails (2.5.0)
      actionpack (~> 3.0)
      activesupport (~> 3.0)
      railties (~> 3.0)
      rspec (~> 2.5.0)
    ruby-debug-base19 (0.11.25)
      columnize (>= 0.3.1)
      linecache19 (>= 0.5.11)
      ruby_core_source (>= 0.1.4)
    ruby-debug19 (0.11.6)
      columnize (>= 0.3.1)
      linecache19 (>= 0.5.11)
      ruby-debug-base19 (>= 0.11.19)
    ruby-openid (2.1.8)
    ruby-openid-apps-discovery (1.2.0)
      ruby-openid (>= 2.1.7)
    ruby_core_source (0.1.5)
      archive-tar-minitar (>= 0.5.2)
    rubyntlm (0.1.1)
    rubyzip (0.9.4)
    selenium-webdriver (0.2.0)
      childprocess (>= 0.1.7)
      ffi (>= 1.0.7)
      json_pure
      rubyzip
    signet (0.2.1)
      addressable (~> 2.2.1)
      httpadapter (~> 1.0.0)
      json (~> 1.5.0)
    sitemap_generator (1.5.2)
    sqlite3 (1.3.3)
    sqlite3 (1.3.3-x86-mingw32)
    thor (0.14.6)
    treetop (1.4.9)
      polyglot (>= 0.3.1)
    tzinfo (0.3.27)
    warden (1.0.3)
      rack (>= 1.0.0)
    xpath (0.1.4)
      nokogiri (~> 1.3)
    yui-compressor (0.9.6)
      POpen4 (>= 0.1.4)

PLATFORMS
  ruby
  x86-mingw32

DEPENDENCIES
  autotest
  autotest-rails
  capybara!
  database_cleaner
  devise
  factory_girl_rails
  hoptoad_notifier
  jammit
  json
  launchy
  memcache-client
  meta_where
  mongrel (= 1.2.0.pre2)
  newrelic_rpm
  nifty-generators
  omniauth
  pdfkit
  rack (= 1.2.1)
  rack-rewrite
  rails (= 3.0.7)
  rails-footnotes
  rails_admin!
  recaptcha
  rmagick
  rspec-rails
  ruby-debug19
  signet
  sitemap_generator
  sqlite3
